PATH
  remote: ../..
  specs:
    to_json (0.0.4)
      oj (>= 2.9.4)

GEM
  remote: https://rubygems.org/
  specs:
    activesupport (4.1.1)
      i18n (~> 0.6, >= 0.6.9)
      json (~> 1.7, >= 1.7.7)
      minitest (~> 5.1)
      thread_safe (~> 0.1)
      tzinfo (~> 1.1)
    i18n (0.6.9)
    jbuilder (2.0.7)
      activesupport (>= 3.0.0, < 5)
      multi_json (~> 1.2)
    json (1.8.1)
    json_builder (3.1.7)
      activesupport (>= 2.0.0)
      json
    jsonify (0.4.1)
      multi_json (~> 1.3)
    minitest (5.3.4)
    multi_json (1.10.1)
    oj (2.9.4)
    oj_mimic_json (1.0.1)
    thread_safe (0.3.4)
    tzinfo (1.2.1)
      thread_safe (~> 0.1)

PLATFORMS
  ruby

DEPENDENCIES
  jbuilder
  json_builder
  jsonify
  oj
  oj_mimic_json
  to_json!
